GEM
  remote: http://rubygems.org/
  specs:
    coderay (1.0.8)
    columnize (0.3.6)
    conject (0.0.7)
    debugger (1.1.4)
      columnize (>= 0.3.1)
      debugger-linecache (~> 1.1.1)
      debugger-ruby_core_source (~> 1.1.3)
    debugger-linecache (1.1.1)
      debugger-ruby_core_source (>= 1.1.1)
    debugger-ruby_core_source (1.1.4)
    diff-lcs (1.1.3)
    gamebox (0.4.0.rc10)
      conject (>= 0.0.5)
      gosu
      i18n
      kvo (>= 0.0.2)
      listen (>= 0.5.3)
      publisher
      require_all
      thor (>= 0.14.6)
      tween
    gosu (0.7.45)
    i18n (0.6.1)
    kvo (0.0.2)
      publisher
    listen (0.5.3)
    metaclass (0.0.1)
    method_source (0.8.1)
    mocha (0.12.7)
      metaclass (~> 0.0.1)
    multi_json (1.3.7)
    nokogiri (1.5.5)
    pry (0.9.10)
      coderay (~> 1.0.5)
      method_source (~> 0.8)
      slop (~> 3.3.1)
    pry-debugger (0.2.0)
      debugger (~> 1.1.3)
      pry (~> 0.9.9)
    pry-remote (0.1.6)
      pry (~> 0.9)
      slop (~> 3.0)
    publisher (1.1.2)
    rake (0.9.2.2)
    rb-fsevent (0.9.2)
    require_all (1.2.1)
    rspec (2.11.0)
      rspec-core (~> 2.11.0)
      rspec-expectations (~> 2.11.0)
      rspec-mocks (~> 2.11.0)
    rspec-core (2.11.1)
    rspec-expectations (2.11.3)
      diff-lcs (~> 1.1.3)
    rspec-mocks (2.11.3)
    simplecov (0.7.1)
      multi_json (~> 1.0)
      simplecov-html (~> 0.7.1)
    simplecov-html (0.7.1)
    slop (3.3.3)
    thor (0.16.0)
    tmx (0.0.1)
      nokogiri
    tween (0.1.2)

PLATFORMS
  ruby

DEPENDENCIES
  conject
  debugger-linecache (= 1.1.1)
  gamebox (>= 0.4.0.rc10)
  kvo (= 0.0.2)
  listen (= 0.5.3)
  mocha
  pry
  pry-debugger
  pry-remote
  rake
  rb-fsevent (~> 0.9.1)
  require_all
  rspec
  rspec-core
  rspec-expectations
  rspec-mocks
  simplecov
  tmx
