GIT
  remote: https://github.com/shawn42/gamebox.git
  revision: e49f3b9abce8769b9343d59afa7f3cda76b0bebf
  specs:
    gamebox (0.5.1)
      conject (>= 0.0.8)
      gosu
      i18n
      kvo (>= 0.1.0)
      listen (>= 2.4.0)
      publisher
      require_all
      thor
      tween

GEM
  remote: https://rubygems.org/
  specs:
    celluloid (0.16.0)
      timers (~> 4.0.0)
    coderay (1.0.9)
    conject (0.1.8)
    debugger-ruby_core_source (1.2.3)
    diff-lcs (1.2.4)
    ffi (1.9.6)
    gosu (0.8.2)
    hitimes (1.2.2)
    i18n (0.6.11)
    kvo (0.1.0)
      publisher
    listen (2.8.3)
      celluloid (>= 0.15.2)
      rb-fsevent (>= 0.9.3)
      rb-inotify (>= 0.9)
    metaclass (0.0.1)
    method_source (0.8.2)
    mini_portile (0.5.1)
    mocha (0.14.0)
      metaclass (~> 0.0.1)
    multi_json (1.8.0)
    nokogiri (1.6.0)
      mini_portile (~> 0.5.0)
    oj (2.1.4)
    pry (0.9.12.2)
      coderay (~> 1.0.5)
      method_source (~> 0.8)
      slop (~> 3.4)
    pry-remote (0.1.7)
      pry (~> 0.9)
      slop (~> 3.0)
    publisher (1.1.2)
    rake (10.1.0)
    rb-fsevent (0.9.4)
    rb-inotify (0.9.5)
      ffi (>= 0.5.0)
    require_all (1.3.2)
    rspec (2.14.1)
      rspec-core (~> 2.14.0)
      rspec-expectations (~> 2.14.0)
      rspec-mocks (~> 2.14.0)
    rspec-core (2.14.5)
    rspec-expectations (2.14.3)
      diff-lcs (>= 1.1.3, < 2.0)
    rspec-mocks (2.14.3)
    simplecov (0.7.1)
      multi_json (~> 1.0)
      simplecov-html (~> 0.7.1)
    simplecov-html (0.7.1)
    slop (3.4.6)
    thor (0.19.1)
    timers (4.0.1)
      hitimes
    tmx (0.1.2)
      nokogiri (~> 1.5)
      oj (~> 2.0)
    tween (0.1.2)

PLATFORMS
  ruby

DEPENDENCIES
  conject (>= 0.0.8)
  debugger-ruby_core_source
  gamebox!
  gosu (= 0.8.2)
  kvo (= 0.1.0)
  mocha
  pry
  pry-remote
  rake
  require_all
  rspec
  rspec-core
  rspec-expectations
  rspec-mocks
  simplecov
  tmx (= 0.1.2)
